PATH
  remote: .
  specs:
    github_cli (0.6.2)
      github_api (~> 0.10.0)
      tty (~> 0.0.10)
      tty-prompt (~> 0.6.0)
      tty-which (~> 0.1.0)

GEM
  remote: https://rubygems.org/
  specs:
    addressable (2.4.0)
    aruba (0.5.1)
      childprocess (~> 0.3.6)
      cucumber (>= 1.1.1)
      rspec-expectations (>= 2.7.0)
    builder (3.1.4)
    childprocess (0.3.7)
      ffi (~> 1.0, >= 1.0.6)
    communist (0.3.0)
      json
      rack
      sinatra
    cucumber (1.2.1)
      builder (>= 2.1.2)
      diff-lcs (>= 1.1.3)
      gherkin (~> 2.11.0)
      json (>= 1.4.6)
    diff-lcs (1.2.1)
    equatable (0.5.0)
    faraday (0.8.11)
      multipart-post (~> 1.2.0)
    ffi (1.3.1)
    gherkin (2.11.6)
      json (>= 1.7.6)
    github_api (0.10.2)
      addressable
      faraday (~> 0.8.7)
      hashie (>= 1.2)
      multi_json (~> 1.4)
      nokogiri (~> 1.6.0)
      oauth2
    hashie (3.4.4)
    hpricot (0.8.6)
    json (1.8.3)
    jwt (1.5.1)
    mini_portile2 (2.0.0)
    multi_json (1.12.1)
    multi_xml (0.5.5)
    multipart-post (1.2.0)
    mustache (0.99.4)
    necromancer (0.3.0)
    nokogiri (1.6.7.2)
      mini_portile2 (~> 2.0.0.rc2)
    oauth2 (1.1.0)
      faraday (>= 0.8, < 0.10)
      jwt (~> 1.0, < 1.5.2)
      multi_json (~> 1.3)
      multi_xml (~> 0.5)
      rack (>= 1.2, < 3)
    pastel (0.6.1)
      equatable (~> 0.5.0)
      tty-color (~> 0.3.0)
    rack (1.5.2)
    rack-protection (1.2.0)
      rack
    rake (10.0.3)
    rdiscount (1.6.8)
    ronn (0.7.3)
      hpricot (>= 0.8.2)
      mustache (>= 0.7.0)
      rdiscount (>= 1.5.8)
    rspec (2.13.0)
      rspec-core (~> 2.13.0)
      rspec-expectations (~> 2.13.0)
      rspec-mocks (~> 2.13.0)
    rspec-core (2.13.0)
    rspec-expectations (2.13.0)
      diff-lcs (>= 1.1.3, < 2.0)
    rspec-mocks (2.13.0)
    sinatra (1.3.2)
      rack (~> 1.3, >= 1.3.6)
      rack-protection (~> 1.2)
      tilt (~> 1.3, >= 1.3.3)
    tilt (1.3.3)
    tty (0.0.11)
    tty-color (0.3.0)
    tty-cursor (0.3.0)
    tty-platform (0.1.0)
    tty-prompt (0.6.0)
      necromancer (~> 0.3.0)
      pastel (~> 0.6.0)
      tty-cursor (~> 0.3.0)
      tty-platform (~> 0.1.0)
      wisper (~> 1.6.1)
    tty-which (0.1.0)
    wisper (1.6.1)

PLATFORMS
  ruby

DEPENDENCIES
  aruba (= 0.5.1)
  communist (~> 0.3.0)
  github_cli!
  rake (~> 10.0)
  ronn (~> 0.7.3)
  rspec (= 2.13.0)

BUNDLED WITH
   1.11.2
